GIT
  remote: https://github.com/adelevie/parse-ruby-client.git
  revision: b52a2309c2391acc943a4249ff0cd22f99829e35
  specs:
    parse-ruby-client (0.3.0)
      faraday
      faraday_middleware

GEM
  remote: https://rubygems.org/
  specs:
    OptionParser (0.5.1)
    byebug (4.0.3)
      columnize (= 0.9.0)
    columnize (0.9.0)
    faraday (0.9.1)
      multipart-post (>= 1.2, < 3)
    faraday_middleware (0.9.1)
      faraday (>= 0.7.4, < 0.10)
    mime-types (2.4.3)
    multipart-post (2.0.0)

PLATFORMS
  ruby

DEPENDENCIES
  OptionParser
  byebug
  mime-types
  parse-ruby-client!
